PATH
  remote: .
  specs:
    core-data-in-motion (0.0.1)

GEM
  remote: https://rubygems.org/
  specs:
    motion-require (0.0.7)
    motion-support (0.2.4)
      motion-require (>= 0.0.6)
    rake (10.1.0)

PLATFORMS
  ruby

DEPENDENCIES
  core-data-in-motion!
  motion-support
  rake
